GEM
  remote: https://rubygems.org/
  specs:
    activesupport (4.2.9)
      i18n (~> 0.7)
      minitest (~> 5.1)
      thread_safe (~> 0.3, >= 0.3.4)
      tzinfo (~> 1.1)
    chronic (0.10.2)
    i18n (0.8.4)
    icalendar (2.4.1)
    minitest (5.10.2)
    thread_safe (0.3.6)
    tzinfo (1.2.3)
      thread_safe (~> 0.1)

PLATFORMS
  ruby

DEPENDENCIES
  activesupport (~> 4.2)
  chronic (~> 0.10.2)
  icalendar (~> 2.3)
  tzinfo

RUBY VERSION
   ruby 2.3.3p222

BUNDLED WITH
   1.13.7
