GEM
  remote: https://rubygems.org/
  specs:
    activesupport (4.2.11)
      i18n (~> 0.7)
      minitest (~> 5.1)
      thread_safe (~> 0.3, >= 0.3.4)
      tzinfo (~> 1.1)
    ast (2.4.0)
    chronic (0.10.2)
    concurrent-ruby (1.1.4)
    i18n (0.9.5)
      concurrent-ruby (~> 1.0)
    icalendar (2.5.2)
      ice_cube (~> 0.16)
    ice_cube (0.16.3)
    jaro_winkler (1.5.1)
    minitest (5.11.3)
    parallel (1.12.1)
    parser (2.5.3.0)
      ast (~> 2.4.0)
    powerpack (0.1.2)
    rainbow (3.0.0)
    rubocop (0.61.1)
      jaro_winkler (~> 1.5.1)
      parallel (~> 1.10)
      parser (>= 2.5, != 2.5.1.1)
      powerpack (~> 0.1)
      rainbow (>= 2.2.2, < 4.0)
      ruby-progressbar (~> 1.7)
      unicode-display_width (~> 1.4.0)
    ruby-progressbar (1.10.0)
    thread_safe (0.3.6)
    tzinfo (1.2.5)
      thread_safe (~> 0.1)
    unicode-display_width (1.4.1)

PLATFORMS
  ruby

DEPENDENCIES
  activesupport (~> 4.2)
  chronic (~> 0.10.2)
  icalendar (~> 2.3)
  rubocop (~> 0.61.1)
  tzinfo

RUBY VERSION
   ruby 2.5.3p105

BUNDLED WITH
   1.17.3
