GEM
  remote: https://rubygems.org/
  specs:
    icalendar (2.3.0)

PLATFORMS
  ruby

DEPENDENCIES
  icalendar (~> 2.3)

BUNDLED WITH
   1.11.2
